PATH
  remote: /Users/jungdolee/projects/lisbn
  specs:
    lisbn (0.2.2)
      nokogiri
      nori (~> 2.0)

GEM
  remote: https://rubygems.org/
  specs:
    isbn-tools (0.1.0)
    mini_portile2 (2.0.0)
    nokogiri (1.6.7.2)
      mini_portile2 (~> 2.0.0.rc2)
    nori (2.6.0)

PLATFORMS
  ruby

DEPENDENCIES
  isbn-tools
  lisbn!

BUNDLED WITH
   1.11.2
